PATH
  remote: .
  specs:
    rsql (0.1.0)
      racc (~> 1.4, >= 1.4.16)

GEM
  remote: https://rubygems.org/
  specs:
    coderay (1.1.3)
    method_source (1.0.0)
    minitest (5.22.2)
    oedipus_lex (2.6.2)
    pry (0.14.2)
      coderay (~> 1.1)
      method_source (~> 1.0)
    racc (1.7.3)
    rake (13.1.0)

PLATFORMS
  ruby

DEPENDENCIES
  bundler
  minitest
  oedipus_lex (~> 2.5, >= 2.5.1)
  pry
  rake
  rsql!

BUNDLED WITH
   1.17.3
