PATH
  remote: .
  specs:
    rsql (0.1.0)
      racc (~> 1.4, >= 1.4.16)

GEM
  remote: https://rubygems.org/
  specs:
    coderay (1.1.2)
    method_source (0.9.2)
    minitest (5.13.0)
    oedipus_lex (2.5.1)
    pry (0.12.2)
      coderay (~> 1.1.0)
      method_source (~> 0.9.0)
    racc (1.4.16)
    rake (10.5.0)

PLATFORMS
  ruby

DEPENDENCIES
  bundler (~> 1.16)
  minitest (~> 5.0)
  oedipus_lex (~> 2.5, >= 2.5.1)
  pry
  rake (~> 10.0)
  rsql!

BUNDLED WITH
   1.17.3
